GIT
  remote: http://github.com/sanger/lims-api.git
  revision: 87ab672c6aa83731937f162f8aabd33d95e08a8b
  branch: development
  specs:
    lims-api (1.2.0.2.1)
      active_support
      bunny (= 0.9.0.pre4)
      json
      sequel
      state_machine

GIT
  remote: http://github.com/sanger/lims-core.git
  revision: aca511a1c37898220fec1b6d7dd287a55f9c75c8
  branch: development
  specs:
    lims-core (1.4.1.0.4)
      active_support
      aequitas
      bunny (= 0.9.0.pre4)
      facets (= 2.9.3)
      sequel
      state_machine
      uuid
      virtus (= 0.2.0)

GIT
  remote: http://github.com/sanger/psd_logger.git
  revision: dd2d634114df75b1d8535715c169a7fc99521389
  specs:
    psd_logger (0.1.6)

GIT
  remote: http://github.com/sinatra/sinatra.git
  revision: b4a318843f5c41e2138bef089e26eade6956d12a
  specs:
    sinatra (1.4.2)
      rack (~> 1.5, >= 1.5.2)
      rack-protection (~> 1.4)
      tilt (~> 1.3, >= 1.3.4)

PATH
  remote: .
  specs:
    lims-support-app (0.0.0.0.1)
      json

GEM
  remote: http://rubygems.org/
  specs:
    active_support (3.0.0)
      activesupport (= 3.0.0)
    activesupport (3.0.0)
    aequitas (0.0.2)
    amq-protocol (1.2.0)
    bunny (0.9.0.pre4)
      amq-protocol (>= 1.0.1)
    diff-lcs (1.1.3)
    facets (2.9.3)
    github-markup (0.7.5)
    hashdiff (0.0.6)
    jdbc-mysql (5.1.24)
    jruby-rack (1.1.13.1)
    json (1.7.7)
    json (1.7.7-java)
    macaddr (1.6.1)
      systemu (~> 2.5.0)
    rack (1.5.2)
    rack-protection (1.5.0)
      rack
    rack-test (0.6.2)
      rack (>= 1.0)
    rake (0.9.6)
    rspec (2.8.0)
      rspec-core (~> 2.8.0)
      rspec-expectations (~> 2.8.0)
      rspec-mocks (~> 2.8.0)
    rspec-core (2.8.0)
    rspec-expectations (2.8.0)
      diff-lcs (~> 1.1.2)
    rspec-mocks (2.8.0)
    sequel (3.45.0)
    state_machine (1.1.2)
    systemu (2.5.2)
    tilt (1.3.6)
    trinidad (1.4.4)
      jruby-rack (>= 1.1.10)
      trinidad_jars (>= 1.1.0)
    trinidad_daemon_extension (0.4.0)
      trinidad (>= 1.3.5)
    trinidad_jars (1.2.2)
    uuid (2.3.7)
      macaddr (~> 1.0)
    virtus (0.2.0)
    yard (0.8.5.2)
    yard-rspec (0.1)
      yard

PLATFORMS
  java
  ruby

DEPENDENCIES
  activesupport (~> 3.0.0)
  github-markup (~> 0.7.1)
  hashdiff
  jdbc-mysql
  lims-api (~> 1.2.0.2.1)!
  lims-core (~> 1.4.1.0.4)!
  lims-support-app!
  psd_logger!
  rack-test (~> 0.6.1)
  rake (~> 0.9.2)
  rspec (~> 2.8.0)
  sinatra!
  trinidad
  trinidad_daemon_extension
  yard (>= 0.7.0)
  yard-rspec (= 0.1)
