GIT
  remote: http://github.com/sanger/lims-api.git
  revision: 7cc4d0939bf1ef6d552929c354ef53558a47d97d
  branch: development
  specs:
    lims-api (1.2.0.2.1)
      active_support
      bunny (= 0.9.0.pre4)
      json
      sequel
      state_machine

GIT
  remote: http://github.com/sanger/lims-core.git
  revision: 70fe7670bb182888df514041d2535750013bf190
  branch: development
  specs:
    lims-core (1.4.0.0.3)
      active_support
      aequitas
      bunny (= 0.9.0.pre4)
      facets (= 2.9.3)
      sequel
      state_machine
      uuid
      virtus (= 0.2.0)

GIT
  remote: http://github.com/sanger/psd_logger.git
  revision: dd2d634114df75b1d8535715c169a7fc99521389
  specs:
    psd_logger (0.1.6)

GIT
  remote: http://github.com/sinatra/sinatra.git
  revision: 459369eb66224836f72e21bbece58c007f3422fa
  specs:
    sinatra (1.4.0)
      rack (~> 1.4)
      rack-protection (~> 1.3)
      tilt (~> 1.3, >= 1.3.3)

PATH
  remote: .
  specs:
    lims-support-app (0.0.0.0.1)
      json

GEM
  remote: http://rubygems.org/
  specs:
    active_support (3.0.0)
      activesupport (= 3.0.0)
    activesupport (3.0.0)
    aequitas (0.0.2)
    amq-protocol (1.2.0)
    bond (0.4.3)
    bunny (0.9.0.pre4)
      amq-protocol (>= 1.0.1)
    columnize (0.3.6)
    debugger (1.4.0)
      columnize (>= 0.3.1)
      debugger-linecache (~> 1.1.1)
      debugger-ruby_core_source (~> 1.2.0)
    debugger-completion (1.0.0)
      bond (>= 0.4.2)
      debugger (~> 1.1)
    debugger-linecache (1.1.2)
      debugger-ruby_core_source (>= 1.1.1)
    debugger-ruby_core_source (1.2.0)
    diff-lcs (1.1.3)
    facets (2.9.3)
    github-markup (0.7.5)
    hashdiff (0.0.6)
    json (1.7.7)
    macaddr (1.6.1)
      systemu (~> 2.5.0)
    mysql2 (0.3.11)
    rack (1.5.2)
    rack-protection (1.5.0)
      rack
    rack-test (0.6.2)
      rack (>= 1.0)
    rake (0.9.6)
    redcarpet (2.1.1)
    rspec (2.8.0)
      rspec-core (~> 2.8.0)
      rspec-expectations (~> 2.8.0)
      rspec-mocks (~> 2.8.0)
    rspec-core (2.8.0)
    rspec-expectations (2.8.0)
      diff-lcs (~> 1.1.2)
    rspec-mocks (2.8.0)
    sequel (3.45.0)
    shotgun (0.9)
      rack (>= 1.0)
    sqlite3 (1.3.7)
    state_machine (1.1.2)
    systemu (2.5.2)
    tilt (1.3.5)
    uuid (2.3.7)
      macaddr (~> 1.0)
    virtus (0.2.0)
    yard (0.8.5.2)
    yard-rspec (0.1)
      yard

PLATFORMS
  ruby

DEPENDENCIES
  activesupport (~> 3.0.0)
  debugger
  debugger-completion
  github-markup (~> 0.7.1)
  hashdiff
  lims-api (~> 1.2.0.2.1)!
  lims-core (~> 1.4.0.0.3)!
  lims-support-app!
  mysql2
  psd_logger!
  rack-test (~> 0.6.1)
  rake (~> 0.9.2)
  redcarpet (~> 2.1.0)
  rspec (~> 2.8.0)
  shotgun
  sinatra!
  sqlite3
  trinidad
  trinidad_daemon_extension
  yard (>= 0.7.0)
  yard-rspec (= 0.1)
