GIT
  remote: http://github.com/sanger/lims-api.git
  revision: f53ae63866fef0fb8b3f4111888342b771e217e9
  branch: development
  specs:
    lims-api (3.0.0.0.5)
      active_support
      bunny (= 0.9.0.pre10)
      json
      sequel
      state_machine

GIT
  remote: http://github.com/sanger/lims-core.git
  revision: df65402894bf40c0b545cf9e6d19cf4758e0865c
  branch: development
  specs:
    lims-core (3.0.0.3.2)
      active_support
      aequitas
      bunny (= 0.9.0.pre10)
      dm-validations
      facets (= 2.9.3)
      modularity
      sequel
      state_machine
      uuid
      virtus (= 0.2.0)

GIT
  remote: http://github.com/sanger/lims-laboratory-app.git
  revision: 80ac8f880b6747094334c7ccef6ce114674a4c84
  branch: development
  specs:
    lims-laboratory-app (3.0.5)

GIT
  remote: http://github.com/sanger/psd_logger.git
  revision: dd2d634114df75b1d8535715c169a7fc99521389
  specs:
    psd_logger (0.1.6)

GIT
  remote: http://github.com/sinatra/sinatra.git
  revision: 459369eb66224836f72e21bbece58c007f3422fa
  branch: 459369eb66224836f72e21bbece58c007f3422fa
  specs:
    sinatra (1.4.0)
      rack (~> 1.4)
      rack-protection (~> 1.3)
      tilt (~> 1.3, >= 1.3.3)

GIT
  remote: https://github.com/defunkt/mustache
  revision: 5fa960715c4122857478bd3808eb135bacf325d7
  specs:
    mustache (0.99.4)

PATH
  remote: .
  specs:
    lims-support-app (0.4.2)
      bunny (= 0.9.0.pre10)
      json
      sequel

GEM
  remote: http://rubygems.org/
  specs:
    active_support (3.0.0)
      activesupport (= 3.0.0)
    activesupport (3.0.0)
    addressable (2.3.5)
    aequitas (0.0.2)
    amq-protocol (1.8.0)
    bond (0.4.3)
    bunny (0.9.0.pre10)
      amq-protocol (>= 1.4.0)
    coderay (1.0.9)
    columnize (0.3.6)
    debugger (1.6.0)
      columnize (>= 0.3.1)
      debugger-linecache (~> 1.2.0)
      debugger-ruby_core_source (~> 1.2.1)
    debugger-completion (1.0.0)
      bond (>= 0.4.2)
      debugger (~> 1.1)
    debugger-linecache (1.2.0)
    debugger-pry (0.1.1)
      debugger (~> 1)
      pry (>= 0.9.9)
    debugger-ruby_core_source (1.2.3)
    diff-lcs (1.1.3)
    dm-core (1.2.1)
      addressable (~> 2.3)
    dm-validations (1.2.0)
      dm-core (~> 1.2.0)
    facets (2.9.3)
    github-markup (0.7.5)
    hashdiff (0.0.6)
    jdbc-mysql (5.1.25)
    jruby-rack (1.1.13.2)
    json (1.8.0)
    json (1.8.0-java)
    macaddr (1.6.1)
      systemu (~> 2.5.0)
    method_source (0.8.1)
    modularity (0.6.1)
    mysql2 (0.3.11)
    pry (0.9.12.2)
      coderay (~> 1.0.5)
      method_source (~> 0.8)
      slop (~> 3.4)
    rack (1.5.2)
    rack-protection (1.5.0)
      rack
    rack-test (0.6.2)
      rack (>= 1.0)
    rake (0.9.6)
    redcarpet (2.1.1)
    rspec (2.8.0)
      rspec-core (~> 2.8.0)
      rspec-expectations (~> 2.8.0)
      rspec-mocks (~> 2.8.0)
    rspec-core (2.8.0)
    rspec-expectations (2.8.0)
      diff-lcs (~> 1.1.2)
    rspec-mocks (2.8.0)
    ruby-oci8 (2.1.5)
    sequel (4.3.0)
    shotgun (0.9)
      rack (>= 1.0)
    slop (3.4.5)
    sqlite3 (1.3.7)
    state_machine (1.2.0)
    systemu (2.5.2)
    tilt (1.4.1)
    trinidad (1.4.5)
      jruby-rack (>= 1.1.13)
      trinidad_jars (>= 1.2.3)
    trinidad_daemon_extension (0.4.0)
      trinidad (>= 1.3.5)
    trinidad_jars (1.2.4)
    uuid (2.3.7)
      macaddr (~> 1.0)
    virtus (0.2.0)
    yard (0.8.6.2)
    yard-rspec (0.1)
      yard

PLATFORMS
  java
  ruby

DEPENDENCIES
  activesupport (~> 3.0.0)
  debugger
  debugger-completion
  debugger-pry
  github-markup (~> 0.7.1)
  hashdiff
  jdbc-mysql
  lims-api (~> 3.0)!
  lims-core (~> 3.0)!
  lims-laboratory-app (~> 3.0.0)!
  lims-support-app!
  mustache (~> 0.99.4)!
  mysql2
  pry
  psd_logger!
  rack-test (~> 0.6.1)
  rake (~> 0.9.2)
  redcarpet (~> 2.1.0)
  rspec (~> 2.8.0)
  ruby-oci8
  shotgun
  sinatra!
  sqlite3
  trinidad
  trinidad_daemon_extension
  yard (>= 0.7.0)
  yard-rspec (= 0.1)
